GEM
  remote: http://rubygems.org/
  specs:
    sass (3.4.19)
    compass-core (1.0.3)
    compass (1.0.3)
    chunky_png (1.3.4)
    compass-import-once (1.0.5)
    multi_json (1.11.2)
    power_assert (0.2.2)
    rake (10.4.2)
    rb-fsevent (0.9.6)
    rb-inotify (0.9.5)
    rdoc (4.2.0)
    test-unit (3.0.8)


PLATFORMS
  ruby

DEPENDENCIES
  sass
  compass-core
  compass
  chunky_png
  compass-import-once
  multi_json
  power_assert
  rake
  rb-fsevent
  rb-inotify
  rdoc
  test-unit
